NUGET
  remote: https://www.nuget.org/api/v2
  specs:
    FSharp.Core (4.0.0.1)
    Fuchu (1.0.3)
      FSharp.Core (>= 3.1.2.1)
    Suave (1.1.1)
      FSharp.Core (>= 3.1.2.5)
    Suave.Testing (1.1.1)
      FSharp.Core (>= 3.1.2.5)
      Fuchu (>= 1.0.2)
      Suave (>= 1.1.1)
    Unquote (3.1.1)
